GEM
  remote: https://rubygems.org/
  specs:
    erubis (2.7.0)
    rake (12.0.0)

PLATFORMS
  ruby

DEPENDENCIES
  bundler
  erubis
  rake
