GEM
  remote: https://rubygems.org/
  specs:
    erubis (2.7.0)
    rake (10.5.0)

PLATFORMS
  ruby

DEPENDENCIES
  bundler
  erubis
  rake

BUNDLED WITH
   1.14.3
